GEM
  remote: http://rubygems.org/
  specs:
    nokogiri (1.5.6)
    rasem (0.6.1)

PLATFORMS
  ruby

DEPENDENCIES
  nokogiri
  rasem
